GEM
  remote: http://rubygems.org/
  specs:
    archive-tar-minitar (0.5.2)
    columnize (0.3.1)
    linecache (0.43)
    linecache19 (0.5.11)
      ruby_core_source (>= 0.1.4)
    minitest (1.7.0)
    mocha (0.9.8)
      rake
    net-scp (1.0.3)
      net-ssh (>= 1.99.1)
    net-sftp (2.0.4)
      net-ssh (>= 2.0.9)
    net-ssh (2.0.23)
    net-ssh-gateway (1.0.1)
      net-ssh (>= 1.99.1)
    net-ssh-multi (1.0.1)
      net-ssh (>= 1.99.2)
      net-ssh-gateway (>= 0.99.0)
    parallel (0.4.2)
    rake (0.8.7)
    ruby-debug (0.10.3)
      columnize (>= 0.1)
      ruby-debug-base (~> 0.10.3.0)
    ruby-debug-base (0.10.3)
      linecache (>= 0.3)
    ruby-debug-base19 (0.11.23)
      columnize (>= 0.3.1)
      linecache19 (>= 0.5.11)
      ruby_core_source (>= 0.1.4)
    ruby-debug19 (0.11.6)
      columnize (>= 0.3.1)
      linecache19 (>= 0.5.11)
      ruby-debug-base19 (>= 0.11.19)
    ruby_core_source (0.1.4)
      archive-tar-minitar (>= 0.5.2)
    thor (0.14.0)

PLATFORMS
  ruby

DEPENDENCIES
  linecache19
  minitest
  mocha
  net-scp (>= 1.0)
  net-sftp (>= 1.0)
  net-ssh (>= 2.0)
  net-ssh-gateway (>= 1.0)
  net-ssh-multi (>= 1.0)
  parallel (>= 0.4.2)
  rake (>= 0.8.7)
  ruby-debug
  ruby-debug19
  thor
